GEM
  remote: https://rubygems.org/
  specs:
    bcrypt (3.1.13)
    ffi (1.11.3-x64-mingw32)
    fileutils (1.4.1)
    listen (3.2.1)
      rb-fsevent (~> 0.10, >= 0.10.3)
      rb-inotify (~> 0.9, >= 0.9.10)
    mustermann (1.0.3)
    rack (2.0.7)
    rack-protection (2.0.7)
      rack
    rb-fsevent (0.10.3)
    rb-inotify (0.10.1)
      ffi (~> 1.0)
    rerun (0.13.0)
      listen (~> 3.0)
    sinatra (2.0.7)
      mustermann (~> 1.0)
      rack (~> 2.0)
      rack-protection (= 2.0.7)
      tilt (~> 2.0)
    slim (4.0.1)
      temple (>= 0.7.6, < 0.9)
      tilt (>= 2.0.6, < 2.1)
    sqlite3 (1.4.1)
    temple (0.8.2)
    tilt (2.0.9)

PLATFORMS
  x64-mingw32

DEPENDENCIES
  bcrypt
  fileutils
  rerun
  sinatra
  slim
  sqlite3

BUNDLED WITH
   1.16.6
